GIT
  remote: https://github.com/fcheung/plucky.git
  revision: a1f6f61505624efd8d1ef97e468a2346b8f5cadf
  branch: mongo-2.x
  specs:
    plucky (0.7.0)
      mongo (~> 2.0)

PATH
  remote: .
  specs:
    delayed_job_mongo_mapper (1.0.10)
      delayed_job
      tzinfo (~> 1.2.2)

PATH
  remote: /Users/smt/src/git/mongomapper
  specs:
    mongo_mapper (0.15.0)
      activemodel (>= 6.0)
      activemodel-serializers-xml
      activesupport (>= 6.0)
      mongo (~> 2.0)
      plucky

GEM
  remote: http://rubygems.org/
  specs:
    activemodel (6.0.3.2)
      activesupport (= 6.0.3.2)
    activemodel-serializers-xml (1.0.2)
      activemodel (> 5.x)
      activesupport (> 5.x)
      builder (~> 3.1)
    activesupport (6.0.3.2)
      concurrent-ruby (~> 1.0, >= 1.0.2)
      i18n (>= 0.7, < 2)
      minitest (~> 5.1)
      tzinfo (~> 1.1)
      zeitwerk (~> 2.2, >= 2.2.2)
    bson (4.10.0)
    bson_ext (1.5.1)
    builder (3.2.4)
    byebug (11.1.3)
    coderay (1.1.3)
    concurrent-ruby (1.1.7)
    delayed_job (4.1.8)
      activesupport (>= 3.0, < 6.1)
    diff-lcs (1.4.4)
    i18n (1.8.5)
      concurrent-ruby (~> 1.0)
    method_source (1.0.0)
    minitest (5.14.2)
    mongo (2.13.0)
      bson (>= 4.8.2, < 5.0.0)
    pry (0.13.1)
      coderay (~> 1.1)
      method_source (~> 1.0)
    pry-byebug (3.9.0)
      byebug (~> 11.0)
      pry (~> 0.13.0)
    rake (13.0.1)
    rspec (3.9.0)
      rspec-core (~> 3.9.0)
      rspec-expectations (~> 3.9.0)
      rspec-mocks (~> 3.9.0)
    rspec-core (3.9.2)
      rspec-support (~> 3.9.3)
    rspec-expectations (3.9.2)
      diff-lcs (>= 1.2.0, < 2.0)
      rspec-support (~> 3.9.0)
    rspec-mocks (3.9.1)
      diff-lcs (>= 1.2.0, < 2.0)
      rspec-support (~> 3.9.0)
    rspec-support (3.9.3)
    thread_safe (0.3.6)
    tzinfo (1.2.7)
      thread_safe (~> 0.1)
    zeitwerk (2.4.0)

PLATFORMS
  ruby

DEPENDENCIES
  bson_ext
  delayed_job
  delayed_job_mongo_mapper!
  mongo_mapper!
  plucky!
  pry-byebug
  rake
  rspec

BUNDLED WITH
   2.1.4
